GIT
  remote: http://github.com/guard/guard
  revision: d7ed82db384687a4f0ef9acf8d0700ffce512072
  specs:
    guard (1.6.2)
      listen (>= 0.6.0)
      lumberjack (>= 1.0.2)
      pry (>= 0.9.10)
      terminal-table (>= 1.4.3)
      thor (>= 0.14.6)

GIT
  remote: https://github.com/mcmire/jammit
  revision: 47e1949a47d368edb90e3856ab68eba5475cf2c2
  branch: fix_rails_assumptions
  specs:
    jammit (0.6.5)
      cssmin (>= 1.0.2)
      jsmin (>= 1.0.1)

GIT
  remote: https://github.com/mcmire/jammit-sinatra
  revision: 2805e62e2a24cb6e795661fae06326b0dff84d93
  branch: middleware_only_dev
  specs:
    jammit-sinatra (0.6.0.1)
      jammit (>= 0.6.0)

GEM
  remote: http://rubygems.org/
  specs:
    addressable (2.3.2)
    coderay (1.0.8)
    coffee-script (2.2.0)
      coffee-script-source
      execjs
    coffee-script-source (1.2.0)
    cssmin (1.0.2)
    daemons (1.1.9)
    eventmachine (1.0.0)
    excon (0.16.10)
    execjs (1.4.0)
      multi_json (~> 1.0)
    growl (1.0.3)
    guard-coffeescript (1.2.1)
      coffee-script (>= 2.2.0)
      guard (>= 1.1.0)
    guard-sass (1.0.2)
      guard (>= 1.1.0)
      sass (>= 3.1)
    heroku (2.35.0)
      heroku-api (~> 0.3.7)
      launchy (>= 0.3.2)
      netrc (~> 0.7.7)
      rest-client (~> 1.6.1)
      rubyzip
    heroku-api (0.3.7)
      excon (~> 0.16.10)
    jsmin (1.0.1)
    launchy (2.2.0)
      addressable (~> 2.3)
    listen (0.7.2)
    lumberjack (1.0.2)
    method_source (0.8.1)
    mime-types (1.21)
    multi_json (1.6.0)
    netrc (0.7.7)
    pry (0.9.12)
      coderay (~> 1.0.5)
      method_source (~> 0.8)
      slop (~> 3.4)
    rack (1.5.2)
    rack-protection (1.3.2)
      rack
    rake (10.0.3)
    rb-fsevent (0.9.3)
    rest-client (1.6.7)
      mime-types (>= 1.16)
    rubyzip (0.9.9)
    sass (3.2.5)
    shotgun (0.9)
      rack (>= 1.0)
    sinatra (1.3.2)
      rack (~> 1.3, >= 1.3.6)
      rack-protection (~> 1.2)
      tilt (~> 1.3, >= 1.3.3)
    slop (3.4.3)
    terminal-table (1.4.5)
    thin (1.5.0)
      daemons (>= 1.0.9)
      eventmachine (>= 0.12.6)
      rack (>= 1.0.0)
    thor (0.17.0)
    tilt (1.3.3)
    yajl-ruby (1.1.0)

PLATFORMS
  ruby

DEPENDENCIES
  coffee-script-source (~> 1.2.0)
  growl
  guard!
  guard-coffeescript
  guard-sass
  heroku
  jammit!
  jammit-sinatra!
  rake
  rb-fsevent
  shotgun
  sinatra (= 1.3.2)
  thin
  yajl-ruby
